GEM
  remote: https://rubygems.org/
  specs:
    builder (3.2.4)
    childprocess (3.0.0)
    concurrent-ruby (1.1.7)
    connection_pool (2.2.3)
    cucumber (2.99.0)
      builder (>= 2.1.2)
      cucumber-core (~> 1.5.0)
      cucumber-wire (~> 0.0.1)
      diff-lcs (>= 1.1.3)
      gherkin (~> 4.0)
      multi_json (>= 1.7.5, < 2.0)
      multi_test (>= 0.1.2)
    cucumber-core (1.5.0)
      gherkin (~> 4.0)
    cucumber-wire (0.0.1)
    data_magic (1.2)
      faker (>= 1.1.2)
      yml_reader (>= 0.6)
    diff-lcs (1.4.4)
    faker (2.12.0)
      i18n (>= 1.6, < 2)
    ffi (1.13.1-x64-mingw32)
    fig_newton (1.0)
      yml_reader (>= 0.7)
    gherkin (4.1.3)
    i18n (1.8.5)
      concurrent-ruby (~> 1.0)
    json (2.3.1)
    mini_portile2 (2.4.0)
    multi_json (1.15.0)
    multi_test (0.1.2)
    net-http-persistent (4.0.0)
      connection_pool (~> 2.2)
    nokogiri (1.10.10-x64-mingw32)
      mini_portile2 (~> 2.4.0)
    page-object (2.2.6)
      page_navigation (>= 0.10)
      selenium-webdriver (~> 3.0)
      watir (~> 6.8)
    page_navigation (0.10)
      data_magic (>= 0.22)
    parallel (1.19.2)
    parallel_cucumber (0.2.22)
      cucumber (~> 2)
      parallel (~> 1.12)
      redis (~> 4.0)
    rake (13.0.1)
    redis (4.2.2)
    regexp_parser (1.8.2)
    report_builder (1.9)
      json (>= 2.3.0)
    require_all (3.0.0)
    rspec (3.10.0)
      rspec-core (~> 3.10.0)
      rspec-expectations (~> 3.10.0)
      rspec-mocks (~> 3.10.0)
    rspec-core (3.10.0)
      rspec-support (~> 3.10.0)
    rspec-expectations (3.10.0)
      diff-lcs (>= 1.2.0, < 2.0)
      rspec-support (~> 3.10.0)
    rspec-mocks (3.10.0)
      diff-lcs (>= 1.2.0, < 2.0)
      rspec-support (~> 3.10.0)
    rspec-support (3.10.0)
    rspec_junit_formatter (0.4.1)
      rspec-core (>= 2, < 4, != 2.12.0)
    rubyzip (2.3.0)
    selenium-webdriver (3.142.7)
      childprocess (>= 0.5, < 4.0)
      rubyzip (>= 1.2.2)
    watir (6.16.5)
      regexp_parser (~> 1.2)
      selenium-webdriver (~> 3.6)
    win32-clipboard (0.6.4)
      ffi
    yml_reader (0.7)

PLATFORMS
  x64-mingw32

DEPENDENCIES
  cucumber
  data_magic
  fig_newton
  json
  net-http-persistent
  nokogiri
  page-object
  parallel_cucumber
  rake
  report_builder
  require_all
  rspec
  rspec_junit_formatter
  win32-clipboard

BUNDLED WITH
   2.0.1
